GEM
  remote: https://rubygems.org/
  specs:
    activemodel (4.2.7)
      activesupport (= 4.2.7)
      builder (~> 3.1)
    activerecord (4.2.7)
      activemodel (= 4.2.7)
      activesupport (= 4.2.7)
      arel (~> 6.0)
    activesupport (4.2.7)
      i18n (~> 0.7)
      json (~> 1.7, >= 1.7.7)
      minitest (~> 5.1)
      thread_safe (~> 0.3, >= 0.3.4)
      tzinfo (~> 1.1)
    arel (6.0.4)
    backports (3.23.0)
    bigdecimal (1.3.5)
    builder (3.2.4)
    concurrent-ruby (1.1.10)
    i18n (0.9.5)
      concurrent-ruby (~> 1.0)
    json (1.8.6)
    minitest (5.16.3)
    multi_json (1.15.0)
    rack (1.6.13)
    rack-protection (1.5.5)
      rack
    rack-test (2.0.2)
      rack (>= 1.3)
    sinatra (1.4.0)
      rack (~> 1.5, >= 1.5.2)
      rack-protection (~> 1.4)
      tilt (~> 1.3, >= 1.3.4)
    sinatra-contrib (1.4.7)
      backports (>= 2.0)
      multi_json
      rack-protection
      rack-test
      sinatra (~> 1.4.0)
      tilt (>= 1.3, < 3)
    sqlite3 (1.3.13)
    thread_safe (0.3.6)
    tilt (1.4.1)
    tzinfo (1.2.10)
      thread_safe (~> 0.1)

PLATFORMS
  ruby

DEPENDENCIES
  activerecord (= 4.2.7)
  bigdecimal (= 1.3.5)
  sinatra (= 1.4.0)
  sinatra-contrib
  sqlite3 (= 1.3.13)

BUNDLED WITH
   1.17.2
